GEM
  remote: https://rubygems.org/
  specs:
    daemons (1.3.1)
    eventmachine (1.2.7)
    json (2.5.1)
    mustermann (1.1.1)
      ruby2_keywords (~> 0.0.1)
    open-uri (0.1.0)
    pp (0.2.0)
      prettyprint
    prettyprint (0.1.0)
    rack (2.2.3)
    rack-protection (2.1.0)
      rack
    ruby2_keywords (0.0.4)
    sinatra (2.1.0)
      mustermann (~> 1.0)
      rack (~> 2.2)
      rack-protection (= 2.1.0)
      tilt (~> 2.0)
    thin (1.8.0)
      daemons (~> 1.0, >= 1.0.9)
      eventmachine (~> 1.0, >= 1.0.4)
      rack (>= 1, < 3)
    tilt (2.0.10)

PLATFORMS
  universal-darwin-19

DEPENDENCIES
  json
  open-uri
  pp
  sinatra
  thin

RUBY VERSION
   ruby 2.6.3p62

BUNDLED WITH
   2.2.6
